GIT
  remote: git://github.com/hotsh/lotus-mongodb.git
  revision: 7c902c97e2416119c2305e8ad5692bdc33dbb9fb
  specs:
    lotus-mongodb (0.0.1)
      bcrypt-ruby
      bson_ext
      mongo_mapper
      redcarpet
      rmagick

GIT
  remote: git://github.com/hotsh/lotus.git
  revision: 074c55445d307ebbb5bf05f58b064215a5f8b1dd
  specs:
    lotus (0.0.12)
      nokogiri
      ratom (~> 0.7.2)
      rsa
      ruby-hmac
      time-lord

GIT
  remote: git://github.com/hotsh/redfinger.git
  revision: b73861b87c7d0bd8d3669c49134a5d416f5ac9f3
  specs:
    redfinger (0.1.1)
      hashie
      nokogiri (>= 1.4.0)
      rest-client (>= 1.5.0)

PATH
  remote: .
  specs:
    rack-lotus (0.0.1)
      bcrypt-ruby
      bson_ext
      haml
      mongo_mapper
      rmagick
      sinatra
      tilt

GEM
  remote: https://rubygems.org/
  specs:
    activemodel (3.2.15)
      activesupport (= 3.2.15)
      builder (~> 3.0.0)
    activesupport (3.2.15)
      i18n (~> 0.6, >= 0.6.4)
      multi_json (~> 1.0)
    ansi (1.4.3)
    awesome_print (1.2.0)
    bcrypt-ruby (3.1.2)
    bson (1.9.2)
    bson_ext (1.9.2)
      bson (~> 1.9.2)
    builder (3.0.4)
    haml (4.0.4)
      tilt
    hashie (2.0.5)
    i18n (0.6.5)
    libxml-ruby (2.3.3)
    metaclass (0.0.1)
    mime-types (2.0)
    mini_portile (0.5.2)
    minitest (4.7.0)
    mocha (0.14.0)
      metaclass (~> 0.0.1)
    mongo (1.9.2)
      bson (~> 1.9.2)
    mongo_mapper (0.12.0)
      activemodel (~> 3.0)
      activesupport (~> 3.0)
      plucky (~> 0.5.2)
    multi_json (1.8.2)
    nokogiri (1.6.0)
      mini_portile (~> 0.5.0)
    plucky (0.5.2)
      mongo (~> 1.5)
    rack (1.5.2)
    rack-protection (1.5.1)
      rack
    rack-test (0.6.2)
      rack (>= 1.0)
    rake (10.1.0)
    ratom (0.7.2)
      libxml-ruby (~> 2.3.2)
    redcarpet (3.0.0)
    rest-client (1.6.7)
      mime-types (>= 1.16)
    rmagick (2.13.2)
    rsa (0.1.4)
    ruby-hmac (0.4.0)
    sinatra (1.4.4)
      rack (~> 1.4)
      rack-protection (~> 1.4)
      tilt (~> 1.3, >= 1.3.4)
    tilt (1.4.1)
    time-lord (1.0.1)
    turn (0.9.6)
      ansi

PLATFORMS
  ruby

DEPENDENCIES
  ansi
  awesome_print
  lotus!
  lotus-mongodb!
  minitest (= 4.7.0)
  mocha
  rack-lotus!
  rack-test
  rake
  redfinger!
  turn
