GIT
  remote: git://github.com/hotsh/lotus-mongodb.git
  revision: 1f0fc2c9e56fc7eaddeddfbf3bac015f026b2089
  specs:
    lotus-mongodb (0.0.1)
      bcrypt-ruby
      bson_ext
      mongo_mapper
      rmagick

GIT
  remote: git://github.com/hotsh/lotus.git
  revision: 754904627b4200f13c37af9b1c0570439771d038
  specs:
    lotus (0.0.12)
      nokogiri
      ratom (~> 0.7.2)
      rsa
      ruby-hmac

GIT
  remote: git://github.com/hotsh/redfinger.git
  revision: b73861b87c7d0bd8d3669c49134a5d416f5ac9f3
  specs:
    redfinger (0.1.1)
      hashie
      nokogiri (>= 1.4.0)
      rest-client (>= 1.5.0)

PATH
  remote: .
  specs:
    rack-lotus (0.0.1)
      bcrypt-ruby
      bson_ext
      haml
      mongo_mapper
      rmagick
      sinatra
      tilt

GEM
  remote: https://rubygems.org/
  specs:
    activemodel (3.2.13)
      activesupport (= 3.2.13)
      builder (~> 3.0.0)
    activesupport (3.2.13)
      i18n (= 0.6.1)
      multi_json (~> 1.0)
    ansi (1.4.3)
    awesome_print (1.1.0)
    bcrypt-ruby (3.0.1)
    bson (1.9.0)
    bson_ext (1.9.0)
      bson (~> 1.9.0)
    builder (3.0.4)
    columnize (0.3.6)
    debugger (1.6.0)
      columnize (>= 0.3.1)
      debugger-linecache (~> 1.2.0)
      debugger-ruby_core_source (~> 1.2.1)
    debugger-linecache (1.2.0)
    debugger-ruby_core_source (1.2.2)
    haml (4.0.3)
      tilt
    hashie (2.0.5)
    i18n (0.6.1)
    libxml-ruby (2.3.3)
    metaclass (0.0.1)
    mime-types (1.23)
    mini_portile (0.5.0)
    minitest (4.7.0)
    mocha (0.14.0)
      metaclass (~> 0.0.1)
    mongo (1.9.0)
      bson (~> 1.9.0)
    mongo_mapper (0.12.0)
      activemodel (~> 3.0)
      activesupport (~> 3.0)
      plucky (~> 0.5.2)
    multi_json (1.7.6)
    nokogiri (1.6.0)
      mini_portile (~> 0.5.0)
    plucky (0.5.2)
      mongo (~> 1.5)
    rack (1.5.2)
    rack-protection (1.5.0)
      rack
    rack-test (0.6.2)
      rack (>= 1.0)
    rake (10.0.4)
    ratom (0.7.2)
      libxml-ruby (~> 2.3.2)
    rest-client (1.6.7)
      mime-types (>= 1.16)
    rmagick (2.13.2)
    rsa (0.1.4)
    ruby-hmac (0.4.0)
    sinatra (1.4.3)
      rack (~> 1.4)
      rack-protection (~> 1.4)
      tilt (~> 1.3, >= 1.3.4)
    tilt (1.4.1)
    turn (0.9.6)
      ansi

PLATFORMS
  ruby

DEPENDENCIES
  ansi
  awesome_print
  debugger
  lotus!
  lotus-mongodb!
  minitest (= 4.7.0)
  mocha
  rack-lotus!
  rack-test
  rake
  redfinger!
  turn
